GEM
  remote: https://rubygems.org/
  specs:
    ipfs-api (0.4.0)
    nio4r (2.7.4)
    puma (6.5.0)
      nio4r (~> 2.0)
    rack (3.1.8)
    rackup (2.2.1)
      rack (>= 3)

PLATFORMS
  arm64-darwin-24
  ruby

DEPENDENCIES
  ipfs-api
  puma
  rack
  rackup

BUNDLED WITH
   2.5.22
