GEM
  remote: https://rubygems.org/
  specs:
    addressable (2.8.7)
      public_suffix (>= 2.0.2, < 7.0)
    base64 (0.2.0)
    domain_name (0.6.20240107)
    ffi (1.17.0)
    ffi (1.17.0-arm64-darwin)
    ffi-compiler (1.3.2)
      ffi (>= 1.15.5)
      rake
    http (5.2.0)
      addressable (~> 2.8)
      base64 (~> 0.1)
      http-cookie (~> 1.0)
      http-form_data (~> 2.2)
      llhttp-ffi (~> 0.5.0)
    http-cookie (1.0.7)
      domain_name (~> 0.5)
    http-form_data (2.3.0)
    ipfs-api (0.4.0)
    llhttp-ffi (0.5.0)
      ffi-compiler (~> 1.0)
      rake (~> 13.0)
    nio4r (2.7.4)
    public_suffix (6.0.1)
    puma (6.5.0)
      nio4r (~> 2.0)
    rack (3.1.8)
    rackup (2.2.1)
      rack (>= 3)
    rake (13.2.1)

PLATFORMS
  arm64-darwin-24
  ruby

DEPENDENCIES
  http (~> 5.2)
  ipfs-api
  puma
  rack
  rackup

BUNDLED WITH
   2.5.22
