GEM
  remote: https://rubygems.org/
  specs:
    rack (3.1.8)
    rackup (2.2.1)
      rack (>= 3)

PLATFORMS
  arm64-darwin-24
  ruby

DEPENDENCIES
  rack
  rackup

BUNDLED WITH
   2.5.22
